GEM
  remote: http://rubygems.org/
  specs:
    rubyzip (2.3.2)

PLATFORMS
  ruby

DEPENDENCIES
  rubyzip (~> 2.3)

RUBY VERSION
   ruby 3.1.0p0

BUNDLED WITH
   2.1.4
